GEM
  remote: https://rubygems.org/
  specs:
    addressable (2.8.7)
      public_suffix (>= 2.0.2, < 7.0)
    async (2.24.0)
      console (~> 1.29)
      fiber-annotation
      io-event (~> 1.9)
      metrics (~> 0.12)
      traces (~> 0.15)
    async-http (0.91.0)
      async (>= 2.10.2)
      async-pool (~> 0.11)
      io-endpoint (~> 0.14)
      io-stream (~> 0.6)
      metrics (~> 0.12)
      protocol-http (~> 0.49)
      protocol-http1 (~> 0.30)
      protocol-http2 (~> 0.22)
      traces (~> 0.10)
    async-pool (0.11.0)
      async (>= 2.0)
    base64 (0.3.0)
    bigdecimal (3.2.2)
    concurrent-ruby (1.3.5)
    console (1.33.0)
      fiber-annotation
      fiber-local (~> 1.1)
      json
    cool.io (1.9.0)
    csv (3.3.5)
    domain_name (0.6.20240107)
    drb (2.2.3)
    ffi (1.17.2)
    ffi (1.17.2-aarch64-linux-gnu)
    ffi (1.17.2-aarch64-linux-musl)
    ffi (1.17.2-arm-linux-gnu)
    ffi (1.17.2-arm-linux-musl)
    ffi (1.17.2-arm64-darwin)
    ffi (1.17.2-x86-linux-gnu)
    ffi (1.17.2-x86-linux-musl)
    ffi (1.17.2-x86_64-darwin)
    ffi (1.17.2-x86_64-linux-gnu)
    ffi (1.17.2-x86_64-linux-musl)
    ffi-compiler (1.3.2)
      ffi (>= 1.15.5)
      rake
    fiber-annotation (0.2.0)
    fiber-local (1.1.0)
      fiber-storage
    fiber-storage (1.0.1)
    fluent-config-regexp-type (1.0.0)
      fluentd (> 1.0.0, < 2)
    fluent-plugin-concat (2.6.0)
      fluentd (>= 0.14.0, < 2)
    fluent-plugin-detect-exceptions (0.0.16)
      fluentd (>= 1.14.2)
    fluent-plugin-gelf-hs (1.0.8)
      fluentd
      gelf (>= 2.0.0)
    fluent-plugin-grok-parser (2.6.2)
      fluentd (>= 0.14.6, < 2)
    fluent-plugin-json-in-json-2 (1.0.2)
      fluentd (>= 0.14.0, < 2)
      yajl-ruby (~> 1.0)
    fluent-plugin-kubernetes_metadata_filter (3.8.0)
      fluentd (>= 0.14.0, < 1.20)
      kubeclient (>= 4.0.0, < 5.0.0)
      sin_lru_redux
    fluent-plugin-multi-format-parser (1.0.0)
      fluentd (>= 0.14.0, < 2)
    fluent-plugin-parser-cri (0.1.1)
      fluentd (>= 1)
    fluent-plugin-prometheus (2.2.1)
      fluentd (>= 1.9.1, < 2)
      prometheus-client (>= 2.1.0)
    fluent-plugin-record-modifier (2.2.0)
      fluentd (>= 1.1, < 2)
    fluent-plugin-rewrite-tag-filter (2.4.0)
      fluent-config-regexp-type
      fluentd (>= 0.14.2, < 2)
    fluent-plugin-systemd (1.1.1)
      fluentd (>= 0.14.11, < 2)
      systemd-journal (~> 2.1.0)
    fluentd (1.19.0)
      async-http (~> 0.86)
      base64 (~> 0.2)
      bundler
      cool.io (>= 1.4.5, < 2.0.0)
      csv (~> 3.2)
      drb (~> 2.2)
      http_parser.rb (>= 0.5.1, < 0.9.0)
      io-event (< 1.11.0)
      io-stream (< 0.8.0)
      logger (~> 1.6)
      msgpack (>= 1.3.1, < 2.0.0)
      serverengine (>= 2.3.2, < 3.0.0)
      sigdump (~> 0.2.5)
      strptime (>= 0.2.4, < 1.0.0)
      tzinfo (>= 1.0, < 3.0)
      tzinfo-data (~> 1.0)
      uri (~> 1.0)
      webrick (~> 1.4)
      yajl-ruby (~> 1.0)
      zstd-ruby (~> 1.5)
    gelf (3.1.0)
      json
    http (5.3.1)
      addressable (~> 2.8)
      http-cookie (~> 1.0)
      http-form_data (~> 2.2)
      llhttp-ffi (~> 0.5.0)
    http-accept (1.7.0)
    http-cookie (1.0.8)
      domain_name (~> 0.5)
    http-form_data (2.3.0)
    http_parser.rb (0.8.0)
    io-endpoint (0.15.2)
    io-event (1.10.2)
    io-stream (0.7.0)
    json (2.13.2)
    jsonpath (1.1.5)
      multi_json
    kubeclient (4.12.0)
      http (>= 3.0, < 6.0)
      jsonpath (~> 1.0)
      recursive-open-struct (~> 1.1, >= 1.1.1)
      rest-client (~> 2.0)
    llhttp-ffi (0.5.1)
      ffi-compiler (~> 1.0)
      rake (~> 13.0)
    logger (1.7.0)
    metrics (0.13.0)
    mime-types (3.7.0)
      logger
      mime-types-data (~> 3.2025, >= 3.2025.0507)
    mime-types-data (3.2025.0819)
    msgpack (1.8.0)
    multi_json (1.17.0)
    netrc (0.11.0)
    oj (3.16.11)
      bigdecimal (>= 3.0)
      ostruct (>= 0.2)
    ostruct (0.6.3)
    prometheus-client (4.2.5)
      base64
    protocol-hpack (1.5.1)
    protocol-http (0.53.0)
    protocol-http1 (0.34.1)
      protocol-http (~> 0.22)
    protocol-http2 (0.22.1)
      protocol-hpack (~> 1.4)
      protocol-http (~> 0.47)
    public_suffix (6.0.2)
    rake (13.3.0)
    recursive-open-struct (1.3.1)
      ostruct
    rest-client (2.1.0)
      http-accept (>= 1.7.0, < 2.0)
      http-cookie (>= 1.0.2, < 2.0)
      mime-types (>= 1.16, < 4.0)
      netrc (~> 0.8)
    rexml (3.4.1)
    serverengine (2.4.0)
      base64 (~> 0.1)
      logger (~> 1.4)
      sigdump (~> 0.2.2)
    sigdump (0.2.5)
    sin_lru_redux (2.5.2)
    strptime (0.2.5)
    systemd-journal (2.1.1)
      ffi (~> 1.9)
    traces (0.17.0)
    tzinfo (2.0.6)
      concurrent-ruby (~> 1.0)
    tzinfo-data (1.2025.2)
      tzinfo (>= 1.0.0)
    uri (1.0.3)
    webrick (1.9.1)
    yajl-ruby (1.4.3)
    zstd-ruby (1.5.7.0)

PLATFORMS
  aarch64-linux-gnu
  aarch64-linux-musl
  arm-linux-gnu
  arm-linux-musl
  arm64-darwin
  ruby
  x86-linux-gnu
  x86-linux-musl
  x86_64-darwin
  x86_64-linux-gnu
  x86_64-linux-musl

DEPENDENCIES
  ffi
  fluent-plugin-concat (~> 2.6.0)
  fluent-plugin-detect-exceptions (~> 0.0.16)
  fluent-plugin-gelf-hs (~> 1.0.8)
  fluent-plugin-grok-parser (~> 2.6.2)
  fluent-plugin-json-in-json-2 (>= 1.0.2)
  fluent-plugin-kubernetes_metadata_filter (~> 3.8.0)
  fluent-plugin-multi-format-parser (~> 1.0.0)
  fluent-plugin-parser-cri (~> 0.1.1)
  fluent-plugin-prometheus (~> 2.2.1)
  fluent-plugin-record-modifier (~> 2.2.0)
  fluent-plugin-rewrite-tag-filter (~> 2.4.0)
  fluent-plugin-systemd (~> 1.1.1)
  fluentd (= 1.19.0)
  gelf
  oj (~> 3.16.11)
  rexml (~> 3.4.1)

BUNDLED WITH
   2.6.9
